GEM
  remote: https://rubygems.org/
  specs:
    coderay (1.1.2)
    httparty (0.21.0)
      mini_mime (>= 1.0.0)
      multi_xml (>= 0.5.2)
    method_source (0.8.2)
    mini_mime (1.1.2)
    multi_xml (0.6.0)
    pry (0.10.4)
      coderay (~> 1.1.0)
      method_source (~> 0.8.1)
      slop (~> 3.4)
    require_all (1.5.0)
    slop (3.6.0)

PLATFORMS
  ruby

DEPENDENCIES
  httparty
  pry (~> 0.10.3)
  require_all (~> 1.3, >= 1.3.3)

BUNDLED WITH
   2.1.4
